GEM
  remote: http://rubygems.org/
  specs:
    actionmailer (3.2.6)
      actionpack (= 3.2.6)
      mail (~> 2.4.4)
    actionpack (3.2.6)
      activemodel (= 3.2.6)
      activesupport (= 3.2.6)
      builder (~> 3.0.0)
      erubis (~> 2.7.0)
      journey (~> 1.0.1)
      rack (~> 1.4.0)
      rack-cache (~> 1.2)
      rack-test (~> 0.6.1)
      sprockets (~> 2.1.3)
    active_attr (0.5.1)
      activemodel (>= 3.0.2, < 4.1)
      activesupport (>= 3.0.2, < 4.1)
    activemodel (3.2.6)
      activesupport (= 3.2.6)
      builder (~> 3.0.0)
    activerecord (3.2.6)
      activemodel (= 3.2.6)
      activesupport (= 3.2.6)
      arel (~> 3.0.2)
      tzinfo (~> 0.3.29)
    activeresource (3.2.6)
      activemodel (= 3.2.6)
      activesupport (= 3.2.6)
    activesupport (3.2.6)
      i18n (~> 0.6)
      multi_json (~> 1.0)
    addressable (2.3.2)
    airbrake (3.1.1)
      activesupport
      builder
    amq-client (0.9.3)
      amq-protocol (>= 0.9.1)
      eventmachine
    amq-protocol (0.9.2)
    amqp (0.9.6)
      amq-client (~> 0.9.3)
      amq-protocol (>= 0.9.1)
      eventmachine
    arel (3.0.2)
    builder (3.0.0)
    bunny (0.8.0)
    capistrano (2.13.5)
      highline
      net-scp (>= 1.0.0)
      net-sftp (>= 2.0.0)
      net-ssh (>= 2.0.14)
      net-ssh-gateway (>= 1.1.0)
    chronic (0.6.7)
    configliere (0.4.8)
      json
    crack (0.3.1)
    curb (0.8.0)
    daemons (1.1.8)
    diff-lcs (1.1.3)
    erubis (2.7.0)
    esp-commons (0.5.1)
      active_attr
      amqp
      bunny
      curb
      daemons
      openteam-commons
      rails
    eventmachine (0.12.10)
    fattr (2.2.1)
    highline (1.6.13)
    hike (1.2.1)
    i18n (0.6.0)
    journey (1.0.4)
    json (1.7.3)
    kgio (2.7.4)
    mail (2.4.4)
      i18n (>= 0.4.0)
      mime-types (~> 1.16)
      treetop (~> 1.4.8)
    mime-types (1.19)
    multi_json (1.3.6)
    net-scp (1.0.4)
      net-ssh (>= 1.99.1)
    net-sftp (2.0.5)
      net-ssh (>= 2.0.9)
    net-ssh (2.6.2)
    net-ssh-gateway (1.1.0)
      net-ssh (>= 1.99.1)
    nokogiri (1.5.5)
    openteam-commons (0.2.3)
      airbrake
      configliere
      rails
      unicorn
      whenever
    options (2.3.0)
      fattr
    pg (0.14.0)
    polyglot (0.3.3)
    pr_geohash (1.0.0)
    progress_bar (0.4.0)
      highline (~> 1.6.1)
      options (~> 2.3.0)
    rack (1.4.1)
    rack-cache (1.2)
      rack (>= 0.4)
    rack-ssl (1.3.2)
      rack
    rack-test (0.6.1)
      rack (>= 1.0)
    rails (3.2.6)
      actionmailer (= 3.2.6)
      actionpack (= 3.2.6)
      activerecord (= 3.2.6)
      activeresource (= 3.2.6)
      activesupport (= 3.2.6)
      bundler (~> 1.0)
      railties (= 3.2.6)
    railties (3.2.6)
      actionpack (= 3.2.6)
      activesupport (= 3.2.6)
      rack-ssl (~> 1.3.2)
      rake (>= 0.8.7)
      rdoc (~> 3.4)
      thor (>= 0.14.6, < 2.0)
    raindrops (0.10.0)
    rake (0.9.2.2)
    rdoc (3.12)
      json (~> 1.4)
    rsolr (1.0.8)
      builder (>= 2.1.2)
    rspec (2.10.0)
      rspec-core (~> 2.10.0)
      rspec-expectations (~> 2.10.0)
      rspec-mocks (~> 2.10.0)
    rspec-core (2.10.1)
    rspec-expectations (2.10.0)
      diff-lcs (~> 1.1.3)
    rspec-mocks (2.10.1)
    rspec-rails (2.10.1)
      actionpack (>= 3.0)
      activesupport (>= 3.0)
      railties (>= 3.0)
      rspec (~> 2.10.0)
    rvm-capistrano (1.2.7)
      capistrano (>= 2.0.0)
    sanitize (2.0.3)
      nokogiri (>= 1.4.4, < 1.6)
    sprockets (2.1.3)
      hike (~> 1.2)
      rack (~> 1.0)
      tilt (~> 1.1, != 1.3.0)
    sqlite3 (1.3.6)
    sunspot (2.0.0.pre.120417)
      pr_geohash (~> 1.0)
      rsolr (~> 1.0.7)
    sunspot_matchers (1.3.0.2)
    sunspot_rails (2.0.0.pre.120417)
      nokogiri
      sunspot (= 2.0.0.pre.120417)
    sunspot_solr (2.0.0.pre.120417)
    thor (0.15.3)
    tilt (1.3.3)
    treetop (1.4.10)
      polyglot
      polyglot (>= 0.3.1)
    tzinfo (0.3.33)
    unicorn (4.3.1)
      kgio (~> 2.6)
      rack
      raindrops (~> 0.7)
    vcr (2.3.0)
    webmock (1.8.11)
      addressable (>= 2.2.7)
      crack (>= 0.1.7)
    whenever (0.7.3)
      activesupport (>= 2.3.4)
      chronic (~> 0.6.3)

PLATFORMS
  ruby

DEPENDENCIES
  esp-commons
  nokogiri
  pg
  progress_bar
  rails
  rspec-rails
  rvm-capistrano
  sanitize
  sqlite3
  sunspot_matchers
  sunspot_rails (>= 2.0.0.pre.120417)
  sunspot_solr (>= 2.0.0.pre.120417)
  vcr
  webmock (< 1.9)
